GEM
  remote: https://rubygems.org/
  specs:
    activesupport (4.0.2)
      i18n (~> 0.6, >= 0.6.4)
      minitest (~> 4.2)
      multi_json (~> 1.3)
      thread_safe (~> 0.1)
      tzinfo (~> 0.3.37)
    atomic (1.1.14)
    backports (3.6.0)
    curb (0.8.5)
    database_cleaner (1.2.0)
    diff-lcs (1.2.5)
    fabrication (2.9.8)
    hashie (2.0.5)
    hiredis (0.4.5)
    i18n (0.6.9)
    jsmin (1.0.1)
    mini_portile (0.5.2)
    minitest (4.7.5)
    multi_json (1.8.4)
    mustache (0.99.5)
    nokogiri (1.6.1)
      mini_portile (~> 0.5.0)
    oauth (0.4.7)
    oj (2.5.5)
    omniauth (1.2.1)
      hashie (>= 1.2, < 3)
      rack (~> 1.0)
    omniauth-oauth (1.0.1)
      oauth
      omniauth (~> 1.0)
    omniauth-twitter (1.0.1)
      multi_json (~> 1.3)
      omniauth-oauth (~> 1.0)
    pg (0.17.1)
    puma (2.7.1)
      rack (>= 1.1, < 2.0)
    rack (1.5.2)
    rack-protection (1.5.2)
      rack
    rack-test (0.6.2)
      rack (>= 1.0)
    rake (10.1.1)
    redis (3.0.7)
    require_all (1.3.2)
    rspec (2.14.1)
      rspec-core (~> 2.14.0)
      rspec-expectations (~> 2.14.0)
      rspec-mocks (~> 2.14.0)
    rspec-core (2.14.7)
    rspec-expectations (2.14.5)
      diff-lcs (>= 1.1.3, < 2.0)
    rspec-mocks (2.14.5)
    sequel (4.7.0)
    sinatra (1.4.4)
      rack (~> 1.4)
      rack-protection (~> 1.4)
      tilt (~> 1.3, >= 1.3.4)
    sinatra-assetpack (0.3.2)
      jsmin
      rack-test
      sinatra
      tilt (>= 1.3.0, < 2.0)
    sinatra-contrib (1.4.2)
      backports (>= 2.0)
      multi_json
      rack-protection
      rack-test
      sinatra (~> 1.4.0)
      tilt (~> 1.3)
    sinatra-mustache (0.3.1)
      mustache (~> 0.99)
      sinatra (~> 1.4, ~> 1.3)
      tilt (>= 1.3, <= 2.0)
    thread_safe (0.1.3)
      atomic
    tilt (1.4.1)
    tzinfo (0.3.38)

PLATFORMS
  ruby

DEPENDENCIES
  activesupport
  curb
  database_cleaner
  fabrication
  hiredis
  multi_json
  nokogiri
  oj
  omniauth-twitter
  pg
  puma
  rack-test
  rake
  redis
  require_all
  rspec
  sequel
  sinatra
  sinatra-assetpack
  sinatra-contrib
  sinatra-mustache
