GEM
  remote: https://rubygems.org/
  specs:
    backports (3.6.0)
    jsmin (1.0.1)
    multi_json (1.8.4)
    mustache (0.99.5)
    puma (2.7.1)
      rack (>= 1.1, < 2.0)
    rack (1.5.2)
    rack-protection (1.5.2)
      rack
    rack-test (0.6.2)
      rack (>= 1.0)
    sinatra (1.4.4)
      rack (~> 1.4)
      rack-protection (~> 1.4)
      tilt (~> 1.3, >= 1.3.4)
    sinatra-assetpack (0.3.2)
      jsmin
      rack-test
      sinatra
      tilt (>= 1.3.0, < 2.0)
    sinatra-contrib (1.4.2)
      backports (>= 2.0)
      multi_json
      rack-protection
      rack-test
      sinatra (~> 1.4.0)
      tilt (~> 1.3)
    sinatra-mustache (0.3.1)
      mustache (~> 0.99)
      sinatra (~> 1.4, ~> 1.3)
      tilt (>= 1.3, <= 2.0)
    tilt (1.4.1)

PLATFORMS
  ruby

DEPENDENCIES
  puma
  sinatra
  sinatra-assetpack
  sinatra-contrib
  sinatra-mustache
